GIT
  remote: git://github.com/phstc/shoryuken.git
  revision: 15ff032c0607a913b5ab9cb6d7b5430d2328b4c9
  branch: master
  specs:
    shoryuken (0.0.5)
      aws-sdk-core (= 2.0.21)
      aws-sdk-resources (= 2.0.21.pre)
      celluloid (~> 0.16.0)

GEM
  remote: https://rubygems.org/
  specs:
    aws-sdk-core (2.0.21)
      builder (~> 3.0)
      jmespath (~> 1.0)
      multi_json (~> 1.0)
      multi_xml (~> 0.5)
    aws-sdk-resources (2.0.21.pre)
      aws-sdk-core (= 2.0.21)
    builder (3.2.2)
    celluloid (0.16.0)
      timers (~> 4.0.0)
    dotenv (1.0.2)
    foreman (0.77.0)
      dotenv (~> 1.0.2)
      thor (~> 0.19.1)
    hitimes (1.2.2)
    jmespath (1.0.2)
      multi_json (~> 1.0)
    multi_json (1.11.0)
    multi_xml (0.5.5)
    rake (10.4.2)
    thor (0.19.1)
    timers (4.0.1)
      hitimes

PLATFORMS
  ruby

DEPENDENCIES
  dotenv
  foreman
  rake
  shoryuken!
